GEM
  remote: https://rubygems.org/
  specs:
    algorithms (0.6.1)
    daemons (1.2.6)
    eventmachine (1.2.7)
    mustermann (1.0.3)
    parallel (1.12.1)
    rack (2.0.5)
    rack-protection (2.0.3)
      rack
    sinatra (2.0.3)
      mustermann (~> 1.0)
      rack (~> 2.0)
      rack-protection (= 2.0.3)
      tilt (~> 2.0)
    thin (1.7.2)
      daemons (~> 1.0, >= 1.0.9)
      eventmachine (~> 1.0, >= 1.0.4)
      rack (>= 1, < 3)
    tilt (2.0.8)

PLATFORMS
  ruby

DEPENDENCIES
  algorithms
  parallel
  sinatra
  thin

RUBY VERSION
   ruby 2.4.4p296

BUNDLED WITH
   1.16.2
